GEM
  remote: https://rubygems.org/
  specs:
    haml (4.0.0)
      tilt
    sass (3.2.6)
    tilt (1.3.3)

PLATFORMS
  ruby

DEPENDENCIES
  haml
  sass
